GEM
  remote: https://rubygems.org/
  specs:
    minitest (5.4.0)

PLATFORMS
  java
  ruby

DEPENDENCIES
  minitest (~> 5.4)

BUNDLED WITH
   1.12.5
